STORAGE: NONE
RESTRICTION: == net8.0
NUGET
  remote: https://api.nuget.org/v3/index.json
    AspNet.Security.OAuth.GitHub (8.1)
    Bolero (0.23.52)
      Elmish (>= 4.0.1 < 5.0)
      FSharp.Core (>= 6.0)
      FSharp.SystemTextJson (>= 0.19.13)
      Microsoft.AspNetCore.Components.WebAssembly (>= 8.0)
      Microsoft.Extensions.Http (>= 6.0)
      Microsoft.JSInterop.WebAssembly (>= 8.0)
    Bolero.Build (0.23.52)
    Bolero.HotReload (0.22.6)
      Bolero (>= 0.22.43)
      FSharp.Core (>= 6.0)
      HtmlAgilityPack (>= 1.11.39)
      Microsoft.AspNetCore.SignalR.Client (>= 6.0)
    Bolero.HotReload.Server (0.22.6)
      Bolero.HotReload (0.22.6)
      Bolero.Server (>= 0.22.43)
      FSharp.Core (>= 6.0)
    Bolero.Server (0.23.52)
      Bolero (0.23.52)
      FSharp.Core (>= 6.0)
      FSharp.SystemTextJson (>= 0.19.13)
      Microsoft.AspNetCore.Components.Web (>= 8.0)
      Microsoft.AspNetCore.Components.WebAssembly (>= 8.0)
      Microsoft.JSInterop.WebAssembly (>= 8.0)
    Elmish (4.1)
    FSharp.Control.FusionTasks (2.6)
      FSharp.Core (>= 6.0)
      Microsoft.Bcl.AsyncInterfaces (>= 6.0)
    FSharp.Core (8.0.300) - content: none
    FSharp.SystemTextJson (1.3.13)
      FSharp.Core (>= 4.7)
      System.Text.Json (>= 6.0)
    HtmlAgilityPack (1.11.61)
    Microsoft.AspNetCore.Authentication.Google (8.0.5)
    Microsoft.AspNetCore.Authentication.MicrosoftAccount (8.0.6)
    Microsoft.AspNetCore.Authorization (8.0.5)
      Microsoft.AspNetCore.Metadata (>= 8.0.5)
      Microsoft.Extensions.Logging.Abstractions (>= 8.0.1)
      Microsoft.Extensions.Options (>= 8.0.2)
    Microsoft.AspNetCore.Components (8.0.5)
      Microsoft.AspNetCore.Authorization (>= 8.0.5)
      Microsoft.AspNetCore.Components.Analyzers (>= 8.0.5)
    Microsoft.AspNetCore.Components.Analyzers (8.0.5)
    Microsoft.AspNetCore.Components.Forms (8.0.5)
      Microsoft.AspNetCore.Components (>= 8.0.5)
    Microsoft.AspNetCore.Components.Web (8.0.5)
      Microsoft.AspNetCore.Components (>= 8.0.5)
      Microsoft.AspNetCore.Components.Forms (>= 8.0.5)
      Microsoft.Extensions.DependencyInjection (>= 8.0)
      Microsoft.Extensions.Primitives (>= 8.0)
      Microsoft.JSInterop (>= 8.0.5)
      System.IO.Pipelines (>= 8.0)
    Microsoft.AspNetCore.Components.WebAssembly (8.0.5)
      Microsoft.AspNetCore.Components.Web (>= 8.0.5)
      Microsoft.Extensions.Configuration.Binder (>= 8.0.1)
      Microsoft.Extensions.Configuration.Json (>= 8.0)
      Microsoft.Extensions.Logging (>= 8.0)
      Microsoft.JSInterop.WebAssembly (>= 8.0.5)
    Microsoft.AspNetCore.Components.WebAssembly.DevServer (8.0.5)
    Microsoft.AspNetCore.Components.WebAssembly.Server (8.0.5)
    Microsoft.AspNetCore.Connections.Abstractions (8.0.5)
      Microsoft.Extensions.Features (>= 8.0.5)
      System.IO.Pipelines (>= 8.0)
    Microsoft.AspNetCore.Http.Connections.Client (8.0.5)
      Microsoft.AspNetCore.Http.Connections.Common (>= 8.0.5)
      Microsoft.Extensions.Logging.Abstractions (>= 8.0.1)
      Microsoft.Extensions.Options (>= 8.0.2)
    Microsoft.AspNetCore.Http.Connections.Common (8.0.5)
      Microsoft.AspNetCore.Connections.Abstractions (>= 8.0.5)
    Microsoft.AspNetCore.Metadata (8.0.5)
    Microsoft.AspNetCore.SignalR.Client (8.0.5)
      Microsoft.AspNetCore.Http.Connections.Client (>= 8.0.5)
      Microsoft.AspNetCore.SignalR.Client.Core (>= 8.0.5)
    Microsoft.AspNetCore.SignalR.Client.Core (8.0.5)
      Microsoft.AspNetCore.SignalR.Common (>= 8.0.5)
      Microsoft.AspNetCore.SignalR.Protocols.Json (>= 8.0.5)
      Microsoft.Extensions.DependencyInjection (>= 8.0)
      Microsoft.Extensions.Logging (>= 8.0)
      System.Threading.Channels (>= 8.0)
    Microsoft.AspNetCore.SignalR.Common (8.0.5)
      Microsoft.AspNetCore.Connections.Abstractions (>= 8.0.5)
      Microsoft.Extensions.Options (>= 8.0.2)
    Microsoft.AspNetCore.SignalR.Protocols.Json (8.0.5)
      Microsoft.AspNetCore.SignalR.Common (>= 8.0.5)
    Microsoft.Bcl.AsyncInterfaces (8.0)
    Microsoft.Extensions.Configuration (8.0)
      Microsoft.Extensions.Configuration.Abstractions (>= 8.0)
      Microsoft.Extensions.Primitives (>= 8.0)
    Microsoft.Extensions.Configuration.Abstractions (8.0)
      Microsoft.Extensions.Primitives (>= 8.0)
    Microsoft.Extensions.Configuration.Binder (8.0.1)
      Microsoft.Extensions.Configuration.Abstractions (>= 8.0)
    Microsoft.Extensions.Configuration.FileExtensions (8.0)
      Microsoft.Extensions.Configuration (>= 8.0)
      Microsoft.Extensions.Configuration.Abstractions (>= 8.0)
      Microsoft.Extensions.FileProviders.Abstractions (>= 8.0)
      Microsoft.Extensions.FileProviders.Physical (>= 8.0)
      Microsoft.Extensions.Primitives (>= 8.0)
    Microsoft.Extensions.Configuration.Json (8.0)
      Microsoft.Extensions.Configuration (>= 8.0)
      Microsoft.Extensions.Configuration.Abstractions (>= 8.0)
      Microsoft.Extensions.Configuration.FileExtensions (>= 8.0)
      Microsoft.Extensions.FileProviders.Abstractions (>= 8.0)
      System.Text.Json (>= 8.0)
    Microsoft.Extensions.DependencyInjection (8.0)
      Microsoft.Extensions.DependencyInjection.Abstractions (>= 8.0)
    Microsoft.Extensions.DependencyInjection.Abstractions (8.0.1)
    Microsoft.Extensions.DependencyModel (8.0)
      System.Text.Encodings.Web (>= 8.0)
      System.Text.Json (>= 8.0)
    Microsoft.Extensions.Diagnostics (8.0)
      Microsoft.Extensions.Configuration (>= 8.0)
      Microsoft.Extensions.Diagnostics.Abstractions (>= 8.0)
      Microsoft.Extensions.Options.ConfigurationExtensions (>= 8.0)
    Microsoft.Extensions.Diagnostics.Abstractions (8.0)
      Microsoft.Extensions.DependencyInjection.Abstractions (>= 8.0)
      Microsoft.Extensions.Options (>= 8.0)
      System.Diagnostics.DiagnosticSource (>= 8.0)
    Microsoft.Extensions.Features (8.0.5)
    Microsoft.Extensions.FileProviders.Abstractions (8.0)
      Microsoft.Extensions.Primitives (>= 8.0)
    Microsoft.Extensions.FileProviders.Physical (8.0)
      Microsoft.Extensions.FileProviders.Abstractions (>= 8.0)
      Microsoft.Extensions.FileSystemGlobbing (>= 8.0)
      Microsoft.Extensions.Primitives (>= 8.0)
    Microsoft.Extensions.FileSystemGlobbing (8.0)
    Microsoft.Extensions.Hosting.Abstractions (8.0)
      Microsoft.Extensions.Configuration.Abstractions (>= 8.0)
      Microsoft.Extensions.DependencyInjection.Abstractions (>= 8.0)
      Microsoft.Extensions.Diagnostics.Abstractions (>= 8.0)
      Microsoft.Extensions.FileProviders.Abstractions (>= 8.0)
      Microsoft.Extensions.Logging.Abstractions (>= 8.0)
    Microsoft.Extensions.Http (8.0)
      Microsoft.Extensions.Configuration.Abstractions (>= 8.0)
      Microsoft.Extensions.DependencyInjection.Abstractions (>= 8.0)
      Microsoft.Extensions.Diagnostics (>= 8.0)
      Microsoft.Extensions.Logging (>= 8.0)
      Microsoft.Extensions.Logging.Abstractions (>= 8.0)
      Microsoft.Extensions.Options (>= 8.0)
    Microsoft.Extensions.Logging (8.0)
      Microsoft.Extensions.DependencyInjection (>= 8.0)
      Microsoft.Extensions.Logging.Abstractions (>= 8.0)
      Microsoft.Extensions.Options (>= 8.0)
    Microsoft.Extensions.Logging.Abstractions (8.0.1)
      Microsoft.Extensions.DependencyInjection.Abstractions (>= 8.0.1)
    Microsoft.Extensions.Options (8.0.2)
      Microsoft.Extensions.DependencyInjection.Abstractions (>= 8.0)
      Microsoft.Extensions.Primitives (>= 8.0)
    Microsoft.Extensions.Options.ConfigurationExtensions (8.0)
      Microsoft.Extensions.Configuration.Abstractions (>= 8.0)
      Microsoft.Extensions.Configuration.Binder (>= 8.0)
      Microsoft.Extensions.DependencyInjection.Abstractions (>= 8.0)
      Microsoft.Extensions.Options (>= 8.0)
      Microsoft.Extensions.Primitives (>= 8.0)
    Microsoft.Extensions.Primitives (8.0)
    Microsoft.JSInterop (8.0.5)
    Microsoft.JSInterop.WebAssembly (8.0.5)
      Microsoft.JSInterop (>= 8.0.5)
    Serilog (4.0)
    Serilog.AspNetCore (8.0.1)
      Microsoft.Extensions.DependencyInjection (>= 8.0)
      Microsoft.Extensions.Logging (>= 8.0)
      Serilog (>= 3.1.1)
      Serilog.Extensions.Hosting (>= 8.0)
      Serilog.Extensions.Logging (>= 8.0)
      Serilog.Formatting.Compact (>= 2.0)
      Serilog.Settings.Configuration (>= 8.0)
      Serilog.Sinks.Console (>= 5.0)
      Serilog.Sinks.Debug (>= 2.0)
      Serilog.Sinks.File (>= 5.0)
    Serilog.Extensions.Hosting (8.0)
      Microsoft.Extensions.DependencyInjection.Abstractions (>= 8.0)
      Microsoft.Extensions.Hosting.Abstractions (>= 8.0)
      Microsoft.Extensions.Logging.Abstractions (>= 8.0)
      Serilog (>= 3.1.1)
      Serilog.Extensions.Logging (>= 8.0)
    Serilog.Extensions.Logging (8.0)
      Microsoft.Extensions.Logging (>= 8.0)
      Serilog (>= 3.1.1)
    Serilog.Formatting.Compact (2.0)
      Serilog (>= 3.1)
    Serilog.Settings.Configuration (8.0.1)
      Microsoft.Extensions.Configuration.Binder (>= 8.0)
      Microsoft.Extensions.DependencyModel (>= 8.0)
      Serilog (>= 3.1.1)
    Serilog.Sinks.Console (5.0.1)
      Serilog (>= 3.1.1)
    Serilog.Sinks.Debug (2.0)
      Serilog (>= 2.10)
    Serilog.Sinks.File (5.0)
      Serilog (>= 2.10)
    System.Diagnostics.DiagnosticSource (8.0.1)
    System.IO.Pipelines (8.0)
    System.Text.Encodings.Web (8.0)
    System.Text.Json (8.0.3)
      System.Text.Encodings.Web (>= 8.0)
    System.Threading.Channels (8.0)
